GEM
  remote: https://rubygems.org/
  specs:
    haml (4.0.7)
      tilt
    mustermann (1.1.1)
      ruby2_keywords (~> 0.0.1)
    rack (2.2.3)
    rack-protection (2.2.0)
      rack
    ruby2_keywords (0.0.5)
    serialport (1.3.1)
    sinatra (2.2.0)
      mustermann (~> 1.0)
      rack (~> 2.2)
      rack-protection (= 2.2.0)
      tilt (~> 2.0)
    tilt (2.0.10)

PLATFORMS
  ruby

DEPENDENCIES
  haml (~> 4.0)
  serialport (~> 1.3)
  sinatra (~> 2.2)

BUNDLED WITH
   1.13.6
