GEM
  remote: https://rubygems.org/
  specs:
    haml (4.0.7)
      tilt
    rack (1.6.11)
    rack-protection (1.5.5)
      rack
    serialport (1.3.1)
    sinatra (1.4.8)
      rack (~> 1.5)
      rack-protection (~> 1.4)
      tilt (>= 1.3, < 3)
    tilt (2.0.10)

PLATFORMS
  ruby

DEPENDENCIES
  haml (~> 4.0)
  serialport (~> 1.3)
  sinatra (~> 1.4)

BUNDLED WITH
   1.13.6
